PATH
  remote: .
  specs:
    pagina (0.1)
      dalli
      maruku (>= 0.6.0)
      sinatra (= 1.1.2)

GEM
  remote: http://rubygems.org/
  specs:
    dalli (1.0.3)
    maruku (0.6.0)
      syntax (>= 1.0.0)
    rack (1.2.2)
    sinatra (1.1.2)
      rack (~> 1.1)
      tilt (~> 1.2)
    syntax (1.0.0)
    tilt (1.3)

PLATFORMS
  ruby

DEPENDENCIES
  pagina!
