PATH
  remote: .
  specs:
    pagina (0.1)
      dalli
      kramdown
      sinatra

GEM
  remote: http://rubygems.org/
  specs:
    dalli (1.0.3)
    kramdown (0.13.3)
    rack (1.2.2)
    sinatra (1.2.6)
      rack (~> 1.1)
      tilt (< 2.0, >= 1.2.2)
    tilt (1.3)

PLATFORMS
  ruby

DEPENDENCIES
  pagina!
