PATH
  remote: .
  specs:
    pagina (0.2)
      dalli
      kramdown
      rack

GEM
  remote: http://rubygems.org/
  specs:
    bacon (1.1.0)
    dalli (1.1.4)
    kramdown (0.13.4)
    rack (1.4.0)
    rake (0.9.2.2)

PLATFORMS
  ruby

DEPENDENCIES
  bacon
  pagina!
  rake
